GEM
  remote: https://rubygems.org/
  specs:
    bcrypt (3.1.18)
    dotenv (2.8.1)
    gon-sinatra (0.1.2)
      sinatra
    multi_json (1.15.0)
    mustermann (3.0.0)
      ruby2_keywords (~> 0.0.1)
    nio4r (2.5.8)
    pg (1.4.5)
    pg (1.4.5-x64-mingw-ucrt)
    puma (6.0.2)
      nio4r (~> 2.0)
    rack (2.2.5)
    rack-protection (3.0.5)
      rack
    rake (13.0.6)
    ruby2_keywords (0.0.5)
    sinatra (3.0.5)
      mustermann (~> 3.0)
      rack (~> 2.2, >= 2.2.4)
      rack-protection (= 3.0.5)
      tilt (~> 2.0)
    sinatra-contrib (3.0.5)
      multi_json
      mustermann (~> 3.0)
      rack-protection (= 3.0.5)
      sinatra (= 3.0.5)
      tilt (~> 2.0)
    tilt (2.0.11)

PLATFORMS
  x64-mingw-ucrt
  x86_64-linux

DEPENDENCIES
  bcrypt
  dotenv
  gon-sinatra
  pg
  puma
  rake
  sinatra
  sinatra-contrib

BUNDLED WITH
   2.3.9
